GEM
  remote: https://rubygems.org/
  specs:
    activesupport (6.0.3.2)
      concurrent-ruby (~> 1.0, >= 1.0.2)
      i18n (>= 0.7, < 2)
      minitest (~> 5.1)
      tzinfo (~> 1.1)
      zeitwerk (~> 2.2, >= 2.2.2)
    addressable (2.3.8)
    clockwork (2.0.4)
      activesupport
      tzinfo
    concurrent-ruby (1.1.6)
    css_parser (1.3.7)
      addressable
    dotenv (2.1.1)
    i18n (1.8.5)
      concurrent-ruby (~> 1.0)
    json (2.3.0)
    keen (0.9.5)
      addressable (~> 2.3.5)
      multi_json (~> 1.3)
    mail (2.6.4)
      mime-types (>= 1.16, < 4)
    mime-types (3.0)
      mime-types-data (~> 3.2015)
    mime-types-data (3.2016.0221)
    mini_portile2 (2.0.0)
    minitest (5.14.1)
    multi_json (1.11.2)
    nokogiri (1.6.7.2)
      mini_portile2 (~> 2.0.0.rc2)
    pushpop (0.4.0)
      clockwork
      dotenv
      sinatra
      thor
    pushpop-keen (0.3)
      keen
      pushpop
    pushpop-sendgrid (0.1.3)
      mail
      pushpop
    rack (1.6.4)
    rack-protection (1.5.3)
      rack
    roadie (3.1.1)
      css_parser (~> 1.3.4)
      nokogiri (>= 1.5.0, < 1.7.0)
    sinatra (1.4.7)
      rack (~> 1.5)
      rack-protection (~> 1.4)
      tilt (>= 1.3, < 3)
    thor (0.19.1)
    thread_safe (0.3.6)
    tilt (2.0.2)
    tzinfo (1.2.7)
      thread_safe (~> 0.1)
    zeitwerk (2.4.0)

PLATFORMS
  ruby

DEPENDENCIES
  json (~> 2.3.0)
  pushpop
  pushpop-keen
  pushpop-sendgrid
  roadie (~> 3.1.1)

BUNDLED WITH
   1.15.0
